GEM
  remote: https://rubygems.org/
  specs:
    benchmark (0.2.0)
    debug (1.8.0)
      irb (>= 1.5.0)
      reline (>= 0.3.1)
    io-console (0.6.0)
    irb (1.9.1)
      rdoc
      reline (>= 0.3.8)
    psych (5.1.1.1)
      stringio
    rdoc (6.6.0)
      psych (>= 4.0.0)
    reline (0.4.1)
      io-console (~> 0.5)
    stringio (3.1.0)

PLATFORMS
  ruby

DEPENDENCIES
  benchmark
  debug

RUBY VERSION
   ruby 3.1.2p20

BUNDLED WITH
   2.4.19
